GEM
  remote: https://rubygems.org/
  specs:
    algoliasearch (1.3.1)
      httpclient (~> 2.4)
      json (>= 1.5.1)
    coderay (1.1.0)
    httpclient (2.6.0.1)
    i18n (0.6.11)
    json (1.8.2)
    method_source (0.8.2)
    money (6.0.0)
      i18n (~> 0.6.4)
    oj (2.12.1)
    pry (0.10.1)
      coderay (~> 1.1.0)
      method_source (~> 0.8.1)
      slop (~> 3.4)
    slop (3.6.0)

PLATFORMS
  ruby

DEPENDENCIES
  algoliasearch
  json
  money
  oj
  pry
